PATH
  remote: .
  specs:
    cronmon (0.1.3)

GEM
  remote: https://rubygems.org/
  specs:
    connection_pool (2.2.5)
    dry-initializer (3.1.1)
    rack (2.2.3)
    rake (13.0.3)
    redis (4.6.0)
    sidekiq (6.4.1)
      connection_pool (>= 2.2.2)
      rack (~> 2.0)
      redis (>= 4.2.0)

PLATFORMS
  ruby

DEPENDENCIES
  cronmon!
  dry-initializer
  rake (~> 13.0)
  sidekiq (~> 6.4)

BUNDLED WITH
   2.2.3
